GEM
  remote: https://rubygems.org/
  specs:
    cairo (1.16.6)
      native-package-installer (>= 1.0.3)
      pkg-config (>= 1.2.2)
    cairo-gobject (3.4.3)
      cairo (>= 1.16.2)
      glib2 (= 3.4.3)
    classy_hash (0.2.1)
    coderay (1.1.3)
    ffi (1.13.1)
    formatador (0.2.5)
    game_icons (0.43.0.20191126)
    gdk_pixbuf2 (3.4.3)
      gio2 (= 3.4.3)
    gio2 (3.4.3)
      gobject-introspection (= 3.4.3)
    glib2 (3.4.3)
      native-package-installer (>= 1.0.3)
      pkg-config (>= 1.3.5)
    gobject-introspection (3.4.3)
      glib2 (= 3.4.3)
    guard (2.16.2)
      formatador (>= 0.2.4)
      listen (>= 2.7, < 4.0)
      lumberjack (>= 1.0.12, < 2.0)
      nenv (~> 0.1)
      notiffany (~> 0.0)
      pry (>= 0.9.12)
      shellany (~> 0.0)
      thor (>= 0.18.1)
    guard-rake (1.0.0)
      guard
      rake
    highline (2.0.2)
    listen (3.2.1)
      rb-fsevent (~> 0.10, >= 0.10.3)
      rb-inotify (~> 0.9, >= 0.9.10)
    lumberjack (1.2.7)
    mercenary (0.3.6)
    method_source (1.0.0)
    mini_portile2 (2.4.0)
    native-package-installer (1.0.9)
    nenv (0.3.0)
    nokogiri (1.10.4)
      mini_portile2 (~> 2.4.0)
    notiffany (0.1.3)
      nenv (~> 0.1)
      shellany (~> 0.0)
    pango (3.4.3)
      cairo-gobject (= 3.4.3)
      gobject-introspection (= 3.4.3)
    pkg-config (1.4.2)
    pry (0.13.1)
      coderay (~> 1.1)
      method_source (~> 1.0)
    rake (13.0.1)
    rb-fsevent (0.10.4)
    rb-inotify (0.10.1)
      ffi (~> 1.0)
    roo (2.8.2)
      nokogiri (~> 1)
      rubyzip (>= 1.2.1, < 2.0.0)
    rsvg2 (3.4.3)
      cairo-gobject (= 3.4.3)
      gdk_pixbuf2 (= 3.4.3)
    ruby-progressbar (1.10.1)
    rubyzip (1.3.0)
    shellany (0.0.1)
    squib (0.15.3)
      cairo (~> 1.16)
      classy_hash (= 0.2.1)
      gio2 (~> 3.4)
      gobject-introspection (~> 3.4)
      highline (= 2.0.2)
      mercenary (= 0.3.6)
      nokogiri (= 1.10.4)
      pango (~> 3.4)
      roo (= 2.8.2)
      rsvg2 (~> 3.4)
      ruby-progressbar (~> 1.10)
    thor (1.0.1)

PLATFORMS
  ruby

DEPENDENCIES
  game_icons
  guard
  guard-rake
  rake (~> 13.0)
  squib

BUNDLED WITH
   2.1.4
